GEM
  remote: http://rubygems.org/
  remote: http://gems.github.com/
  specs:
    addressable (2.3.8)
    capistrano (3.4.0)
      i18n
      rake (>= 10.0.0)
      sshkit (~> 1.3)
    capistrano-bundler (1.1.4)
      capistrano (~> 3.1)
      sshkit (~> 1.2)
    capistrano-passenger (0.2.0)
      capistrano (~> 3.0)
    capistrano-rails (1.1.5)
      capistrano (~> 3.1)
      capistrano-bundler (~> 1.1)
    capistrano-rails-db (0.0.2)
      capistrano-rails (~> 1.1)
    capistrano-rvm (0.1.2)
      capistrano (~> 3.0)
      sshkit (~> 1.2)
    capistrano-upload-config (0.7.0)
      capistrano (>= 3.0)
    capistrano3-delayed-job (1.6.0)
      capistrano (>= 3.0.0)
    cookiejar (0.3.3)
    domain_name (0.5.20160615)
      unf (>= 0.0.5, < 1.0.0)
    em-http-request (1.0.3)
      addressable (>= 2.2.3)
      cookiejar
      em-socksify
      eventmachine (>= 1.0.0.beta.4)
      http_parser.rb (>= 0.5.3)
    em-http-server (0.1.8)
      eventmachine
    em-socksify (0.3.1)
      eventmachine (>= 1.0.0.beta.4)
    eventmachine (1.0.9.1)
    ffi (1.9.10-x86-mingw32)
    htmlentities (4.3.4)
    http-cookie (1.0.2)
      domain_name (~> 0.5)
    http_parser.rb (0.6.0)
    i18n (0.7.0)
    ice_cube (0.13.3)
    json (1.8.3)
    little-plugger (1.1.4)
    logging (2.0.0)
      little-plugger (~> 1.1)
      multi_json (~> 1.10)
    logging-email (1.0.0)
      logging (~> 2)
    macaddr (1.7.1)
      systemu (~> 2.6.2)
    mail (2.6.3)
      mime-types (>= 1.16, < 3)
    mime-types (2.99.1)
    multi_json (1.11.2)
    net-scp (1.2.1)
      net-ssh (>= 2.6.5)
    net-ssh (3.0.2)
    netrc (0.11.0)
    pony (1.11)
      mail (>= 2.0)
    rake (10.5.0)
    rest-client (1.8.0-x86-mingw32)
      ffi (~> 1.9)
      http-cookie (>= 1.0.2, < 2.0)
      mime-types (>= 1.16, < 3.0)
      netrc (~> 0.7)
    ruby-progressbar (1.7.5)
    rufus-scheduler (2.0.24)
      tzinfo (>= 0.3.22)
    sshkit (1.8.1)
      net-scp (>= 1.1.2)
      net-ssh (>= 2.8.0)
    systemu (2.6.5)
    tzinfo (1.0.1)
    tzinfo-data (1.2014.10)
      tzinfo (>= 1.0.0)
    unf (0.1.4)
      unf_ext
    unf_ext (0.0.7.2-x86-mingw32)
    uuid (2.3.8)
      macaddr (~> 1.0)

PLATFORMS
  x86-mingw32

DEPENDENCIES
  addressable (= 2.3.8)
  capistrano (~> 3.1)
  capistrano-bundler (~> 1.1.2)
  capistrano-passenger
  capistrano-rails (~> 1.1)
  capistrano-rails-db
  capistrano-rvm
  capistrano-upload-config
  capistrano3-delayed-job (~> 1.0)
  em-http-request (~> 1.0.3)
  em-http-server (~> 0.1.8)
  eventmachine (~> 1.0.8)
  htmlentities (~> 4.3, >= 4.3.4)
  i18n (~> 0.7.0)
  ice_cube (~> 0.13.3)
  json (~> 1.8.3)
  logging (~> 2.0.0)
  logging-email (~> 1.0.0)
  pony (~> 1.11.0)
  rest-client (~> 1.8.0)
  ruby-progressbar (~> 1.7.5)
  rufus-scheduler (~> 2.0.24)
  tzinfo (~> 1.0.0)
  tzinfo-data (~> 1.2014.5)
  uuid (~> 2.3.8)

BUNDLED WITH
   1.11.2
