GEM
  remote: http://rubygems.org/
  remote: http://gems.github.com/
  specs:
    addressable (2.3.8)
    capistrano (2.15.6)
      highline
      net-scp (>= 1.0.0)
      net-sftp (>= 2.0.0)
      net-ssh (>= 2.0.14)
      net-ssh-gateway (>= 1.1.0)
    cookiejar (0.3.2)
    em-http-request (1.0.3)
      addressable (>= 2.2.3)
      cookiejar
      em-socksify
      eventmachine (>= 1.0.0.beta.4)
      http_parser.rb (>= 0.5.3)
    em-http-server (0.1.8)
      eventmachine
    em-socksify (0.3.1)
      eventmachine (>= 1.0.0.beta.4)
    eventmachine (1.0.8)
    highline (1.7.6)
    htmlentities (4.3.4)
    http_parser.rb (0.6.0)
    i18n (0.7.0)
    ice_cube (0.13.3)
    json (1.8.3)
    little-plugger (1.1.4)
    logging (2.0.0)
      little-plugger (~> 1.1)
      multi_json (~> 1.10)
    logging-email (1.0.0)
      logging (~> 2)
    macaddr (1.7.1)
      systemu (~> 2.6.2)
    mail (2.6.3)
      mime-types (>= 1.16, < 3)
    mime-types (1.25.1)
    multi_json (1.11.2)
    net-scp (1.2.1)
      net-ssh (>= 2.6.5)
    net-sftp (2.1.2)
      net-ssh (>= 2.6.5)
    net-ssh (3.0.1)
    net-ssh-gateway (1.2.0)
      net-ssh (>= 2.6.5)
    pony (1.11)
      mail (>= 2.0)
    rest-client (1.6.9)
      mime-types (~> 1.16)
    ruby-progressbar (1.7.5)
    rufus-scheduler (2.0.24)
      tzinfo (>= 0.3.22)
    rvm-capistrano (1.5.6)
      capistrano (~> 2.15.4)
    systemu (2.6.5)
    tzinfo (1.0.1)
    tzinfo-data (1.2014.10)
      tzinfo (>= 1.0.0)
    uuid (2.3.8)
      macaddr (~> 1.0)

PLATFORMS
  x86-mingw32

DEPENDENCIES
  addressable (= 2.3.8)
  bundler
  capistrano (~> 2.15.6)
  em-http-request (~> 1.0.3)
  em-http-server (~> 0.1.8)
  eventmachine (~> 1.0.8)
  htmlentities (~> 4.3, >= 4.3.4)
  i18n (~> 0.7.0)
  ice_cube (~> 0.13.3)
  json (~> 1.8.3)
  logging (~> 2.0.0)
  logging-email (~> 1.0.0)
  pony (~> 1.11.0)
  rest-client (~> 1.6.7)
  ruby-progressbar (~> 1.7.5)
  rufus-scheduler (~> 2.0.24)
  rvm-capistrano (~> 1.5.3)
  tzinfo (~> 1.0.0)
  tzinfo-data (~> 1.2014.5)
  uuid (~> 2.3.8)

BUNDLED WITH
   1.10.6
