GEM
  remote: http://rubygems.org/
  remote: http://gems.github.com/
  specs:
    capistrano (2.15.5)
      highline
      net-scp (>= 1.0.0)
      net-sftp (>= 2.0.0)
      net-ssh (>= 2.0.14)
      net-ssh-gateway (>= 1.1.0)
    em-ftpd (0.0.1)
      eventmachine (~> 1.0.0.beta1)
    eventmachine (1.0.3)
    eventmachine (1.0.3-x86-mingw32)
    highline (1.6.21)
    ice_cube (0.11.0)
    json (1.7.5)
    little-plugger (1.1.3)
    logging (1.8.1)
      little-plugger (>= 1.1.3)
      multi_json (>= 1.3.6)
    macaddr (1.6.1)
      systemu (~> 2.5.0)
    mail (2.5.4)
      mime-types (~> 1.16)
      treetop (~> 1.4.8)
    mime-types (1.23)
    multi_json (1.10.1)
    net-scp (1.2.1)
      net-ssh (>= 2.6.5)
    net-sftp (2.1.2)
      net-ssh (>= 2.6.5)
    net-ssh (2.6.7)
    net-ssh-gateway (1.2.0)
      net-ssh (>= 2.6.5)
    polyglot (0.3.3)
    pony (1.10)
      mail (>= 2.0)
    rest-client (1.6.7)
      mime-types (>= 1.16)
    ruby-progressbar (1.0.2)
    rufus-scheduler (2.0.19)
      tzinfo (>= 0.3.23)
    rvm-capistrano (1.5.3)
      capistrano (~> 2.15.4)
    systemu (2.5.2)
    treetop (1.4.14)
      polyglot
      polyglot (>= 0.3.1)
    tzinfo (1.0.1)
    tzinfo-data (1.2014.5)
      tzinfo (>= 1.0.0)
    uuid (2.3.7)
      macaddr (~> 1.0)

PLATFORMS
  x86-mingw32

DEPENDENCIES
  bundler (~> 1.3.5)
  capistrano (~> 2.15.5)
  em-ftpd (~> 0.0.1)
  eventmachine (~> 1.0.0)
  ice_cube (= 0.11.0)
  json (~> 1.7.5)
  logging (~> 1.8.1)
  pony (~> 1.10.0)
  rest-client (~> 1.6.7)
  ruby-progressbar (~> 1.0.2)
  rufus-scheduler (~> 2.0.17)
  rvm-capistrano (~> 1.5.3)
  tzinfo (~> 1.0.0)
  tzinfo-data (~> 1.2014.5)
  uuid (~> 2.3.7)
